GEM
  remote: https://rubygems.org/
  specs:
    coderay (1.1.2)
    cryptocompare (0.14.0)
      faraday
      json
    diff-lcs (1.3)
    docile (1.3.2)
    domain_name (0.5.20190701)
      unf (>= 0.0.5, < 1.0.0)
    faraday (0.15.4)
      multipart-post (>= 1.2, < 3)
    grafana (0.10.2)
      json (~> 2.1)
      rest-client (~> 2.0)
    http-cookie (1.0.3)
      domain_name (~> 0.5)
    httparty (0.21.0)
      mini_mime (>= 1.0.0)
      multi_xml (>= 0.5.2)
    irb (1.0.0)
    json (2.2.0)
    method_source (0.9.2)
    mime-types (3.4.1)
      mime-types-data (~> 3.2015)
    mime-types-data (3.2022.0105)
    mini_mime (1.1.2)
    multi_xml (0.6.0)
    multipart-post (2.1.1)
    netrc (0.11.0)
    pg (1.1.4)
    pry (0.12.2)
      coderay (~> 1.1.0)
      method_source (~> 0.9.0)
    rest-client (2.0.2)
      http-cookie (>= 1.0.2, < 2.0)
      mime-types (>= 1.16, < 4.0)
      netrc (~> 0.8)
    rspec (3.8.0)
      rspec-core (~> 3.8.0)
      rspec-expectations (~> 3.8.0)
      rspec-mocks (~> 3.8.0)
    rspec-core (3.8.2)
      rspec-support (~> 3.8.0)
    rspec-expectations (3.8.4)
      diff-lcs (>= 1.2.0, < 2.0)
      rspec-support (~> 3.8.0)
    rspec-mocks (3.8.1)
      diff-lcs (>= 1.2.0, < 2.0)
      rspec-support (~> 3.8.0)
    rspec-support (3.8.2)
    simplecov (0.17.0)
      docile (~> 1.1)
      json (>= 1.8, < 3)
      simplecov-html (~> 0.10.0)
    simplecov-html (0.10.2)
    unf (0.1.4)
      unf_ext
    unf_ext (0.0.7.6)

PLATFORMS
  ruby

DEPENDENCIES
  cryptocompare
  grafana
  httparty
  irb
  pg
  pry
  rspec
  simplecov

BUNDLED WITH
   1.17.2
